GEM
  remote: https://rubygems.org/
  specs:
    backports (3.3.5)
    dalli (2.6.4)
    iron_cache (1.4.0)
      iron_core (>= 0.5.1)
    iron_core (1.0.2)
      rest (>= 2.6.4)
    memcachier (0.0.2)
    mime-types (2.0)
    multi_json (1.8.2)
    net-http-persistent (2.9)
    newrelic_rpm (3.7.0.177)
    puma (2.7.1)
      rack (>= 1.1, < 2.0)
    punycode4r (0.2.0)
    rack (1.5.2)
    rack-contrib (1.1.0)
      rack (>= 0.9.1)
    rack-protection (1.5.1)
      rack
    rack-test (0.6.2)
      rack (>= 1.0)
    rake (10.1.0)
    rest (2.6.4)
      net-http-persistent
      rest-client (>= 0.3.0)
    rest-client (1.6.7)
      mime-types (>= 1.16)
    rmagick (2.13.2)
    sinatra (1.4.4)
      rack (~> 1.4)
      rack-protection (~> 1.4)
      tilt (~> 1.3, >= 1.3.4)
    sinatra-contrib (1.4.2)
      backports (>= 2.0)
      multi_json
      rack-protection
      rack-test
      sinatra (~> 1.4.0)
      tilt (~> 1.3)
    tilt (1.4.1)

PLATFORMS
  ruby

DEPENDENCIES
  dalli (~> 2.6)
  iron_cache
  memcachier
  newrelic_rpm
  puma (~> 2.6)
  punycode4r (~> 0.2.0)
  rack-contrib
  rake
  rmagick (~> 2.13)
  sinatra (~> 1.4)
  sinatra-contrib (~> 1.4)
