GEM
  remote: https://rubygems.org/
  specs:
    backports (3.6.8)
    dalli (2.7.6)
    git-version-bump (0.15.1)
    iron_cache (1.4.2)
      iron_core (>= 0.5.1)
    iron_core (1.0.9)
      rest (>= 3.0.4)
    memcachier (0.0.2)
    multi_json (1.12.0)
    net-http-persistent (2.9.4)
    netrc (0.11.0)
    newrelic_rpm (3.15.2.317)
    puma (3.4.0)
    punycode4r (0.2.0)
    rack (1.6.4)
    rack-contrib (1.4.0)
      git-version-bump (~> 0.15)
      rack (~> 1.4)
    rack-protection (1.5.3)
      rack
    rack-test (0.6.3)
      rack (>= 1.0)
    rake (11.1.2)
    rest (3.0.6)
      net-http-persistent (>= 2.9.1)
      netrc
    rmagick (2.15.4)
    sinatra (1.4.7)
      rack (~> 1.5)
      rack-protection (~> 1.4)
      tilt (>= 1.3, < 3)
    sinatra-contrib (1.4.7)
      backports (>= 2.0)
      multi_json
      rack-protection
      rack-test
      sinatra (~> 1.4.0)
      tilt (>= 1.3, < 3)
    tilt (2.0.2)

PLATFORMS
  ruby

DEPENDENCIES
  dalli (~> 2.6)
  iron_cache
  memcachier
  newrelic_rpm
  puma (~> 3.4)
  punycode4r (~> 0.2.0)
  rack-contrib
  rake
  rmagick (~> 2.13)
  sinatra (~> 1.4)
  sinatra-contrib (~> 1.4)

BUNDLED WITH
   1.10.6
