GEM
  remote: http://rubygems.org/
  specs:
    gd2 (1.1.1)
    rack (1.5.2)
    rack-protection (1.5.0)
      rack
    rmagick (2.13.2)
    sinatra (1.4.2)
      rack (~> 1.5, >= 1.5.2)
      rack-protection (~> 1.4)
      tilt (~> 1.3, >= 1.3.4)
    tilt (1.3.6)

PLATFORMS
  ruby

DEPENDENCIES
  gd2
  rmagick (~> 2.13.1)
  sinatra (= 1.4.2)
