GEM
  remote: http://rubygems.org/
  specs:
    dalli (2.6.2)
    punycode4r (0.2.0)
    rack (1.5.2)
    rack-contrib (1.1.0)
      rack (>= 0.9.1)
    rack-protection (1.5.0)
      rack
    rmagick (2.13.2)
    sinatra (1.4.2)
      rack (~> 1.5, >= 1.5.2)
      rack-protection (~> 1.4)
      tilt (~> 1.3, >= 1.3.4)
    tilt (1.3.6)

PLATFORMS
  ruby

DEPENDENCIES
  dalli (~> 2.6)
  punycode4r (~> 0.2.0)
  rack-contrib
  rmagick (~> 2.13)
  sinatra (~> 1.4)
