GEM
  remote: https://rubygems.org/
  specs:
    backports (3.6.4)
    dalli (2.7.4)
    iron_cache (1.4.2)
      iron_core (>= 0.5.1)
    iron_core (1.0.7)
      rest (>= 3.0.4)
    memcachier (0.0.2)
    multi_json (1.11.0)
    net-http-persistent (2.9.4)
    netrc (0.10.3)
    newrelic_rpm (3.11.1.284)
    puma (2.11.1)
      rack (>= 1.1, < 2.0)
    punycode4r (0.2.0)
    rack (1.6.0)
    rack-contrib (1.2.0)
      rack (>= 0.9.1)
    rack-protection (1.5.3)
      rack
    rack-test (0.6.3)
      rack (>= 1.0)
    rake (10.4.2)
    rest (3.0.6)
      net-http-persistent (>= 2.9.1)
      netrc
    rmagick (2.14.0)
    sinatra (1.4.6)
      rack (~> 1.4)
      rack-protection (~> 1.4)
      tilt (>= 1.3, < 3)
    sinatra-contrib (1.4.2)
      backports (>= 2.0)
      multi_json
      rack-protection
      rack-test
      sinatra (~> 1.4.0)
      tilt (~> 1.3)
    tilt (1.4.1)

PLATFORMS
  ruby

DEPENDENCIES
  dalli (~> 2.6)
  iron_cache
  memcachier
  newrelic_rpm
  puma (~> 2.6)
  punycode4r (~> 0.2.0)
  rack-contrib
  rake
  rmagick (~> 2.13)
  sinatra (~> 1.4)
  sinatra-contrib (~> 1.4)
