GEM
  remote: https://rubygems.org/
  specs:
    backports (3.13.0)
    dalli (2.7.10)
    iron_cache (1.4.2)
      iron_core (>= 0.5.1)
    iron_core (1.0.12)
      rest (>= 3.0.8)
    memcachier (0.0.2)
    multi_json (1.13.1)
    net-http-persistent (2.9.4)
    netrc (0.11.0)
    newrelic_rpm (6.2.0.354)
    puma (3.12.1)
    punycode4r (0.2.0)
    rack (1.6.11)
    rack-contrib (1.8.0)
      rack (~> 1.4)
    rack-protection (1.5.5)
      rack
    rack-test (1.1.0)
      rack (>= 1.0, < 3)
    rest (3.0.8)
      net-http-persistent (>= 2.9.1, < 3)
      netrc
    rmagick (2.16.0)
    sinatra (1.4.8)
      rack (~> 1.5)
      rack-protection (~> 1.4)
      tilt (>= 1.3, < 3)
    sinatra-contrib (1.4.7)
      backports (>= 2.0)
      multi_json
      rack-protection
      rack-test
      sinatra (~> 1.4.0)
      tilt (>= 1.3, < 3)
    tilt (2.0.9)

PLATFORMS
  ruby

DEPENDENCIES
  dalli (~> 2.6)
  iron_cache
  memcachier
  newrelic_rpm
  puma (~> 3.4)
  punycode4r (~> 0.2.0)
  rack-contrib
  rmagick (~> 2.13)
  sinatra (~> 1.4)
  sinatra-contrib (~> 1.4)

RUBY VERSION
   ruby 2.6.2p47

BUNDLED WITH
   2.0.1
